PATH
  remote: .
  specs:
    webflow-ruby (0.5.0)
      oj
      typhoeus

GEM
  remote: https://rubygems.org/
  specs:
    addressable (2.5.2)
      public_suffix (>= 2.0.2, < 4.0)
    byebug (10.0.2)
    crack (0.4.3)
      safe_yaml (~> 1.0.0)
    ethon (0.12.0)
      ffi (>= 1.3.0)
    ffi (1.10.0)
    hashdiff (0.3.8)
    minitest (5.11.3)
    oj (3.7.7)
    public_suffix (3.0.3)
    rake (12.3.2)
    safe_yaml (1.0.4)
    typhoeus (1.3.1)
      ethon (>= 0.9.0)
    vcr (4.0.0)
    webmock (3.5.1)
      addressable (>= 2.3.6)
      crack (>= 0.3.2)
      hashdiff

PLATFORMS
  ruby

DEPENDENCIES
  bundler (> 1.13)
  byebug
  minitest (> 5.0)
  rake (> 10.0)
  vcr
  webflow-ruby!
  webmock

BUNDLED WITH
   2.0.1
